PATH
  remote: .
  specs:
    breadcrumbs_on_rails (1.0.1)

GEM
  remote: http://rubygems.org/
  specs:

PLATFORMS
  ruby

DEPENDENCIES
  breadcrumbs_on_rails!
